GIT
  remote: git://github.com/infinitered/rmq.git
  revision: 06158cf790050eb9fa54de3ee888649c7831f534
  specs:
    ruby_motion_query (0.6.1)

GEM
  remote: https://rubygems.org/
  specs:
    rake (10.3.2)

PLATFORMS
  ruby

DEPENDENCIES
  rake
  ruby_motion_query!
